PATH
  remote: .
  specs:
    bundled_gems (0.0.0)
      bundler (~> 2.0)

GEM
  remote: https://rubygems.org/
  specs:
    minitest (5.12.2)
    rake (10.5.0)

PLATFORMS
  ruby

DEPENDENCIES
  bundled_gems!
  minitest (~> 5.0)
  rake (~> 10.0)

BUNDLED WITH
   2.0.2
