PATH
  remote: .
  specs:
    bundled_gems (0.0.0)
      bundler
      thor

GEM
  remote: https://rubygems.org/
  specs:
    minitest (5.12.2)
    rake (13.0.0)
    thor (0.20.3)

PLATFORMS
  ruby

DEPENDENCIES
  bundled_gems!
  minitest
  rake

BUNDLED WITH
   2.0.2
